PATH
  remote: .
  specs:
    enumerate_it (1.2.8)
      activesupport (>= 3.0.20)

GEM
  remote: http://rubygems.org/
  specs:
    activemodel (3.0.20)
      activesupport (= 3.0.20)
      builder (~> 2.1.2)
      i18n (~> 0.5.0)
    activerecord (3.0.20)
      activemodel (= 3.0.20)
      activesupport (= 3.0.20)
      arel (~> 2.0.10)
      tzinfo (~> 0.3.23)
    activesupport (3.0.20)
    arel (2.0.10)
    builder (2.1.2)
    coderay (1.0.9)
    diff-lcs (1.2.5)
    i18n (0.5.4)
    method_source (0.8.1)
    pry (0.9.12)
      coderay (~> 1.0.5)
      method_source (~> 0.8)
      slop (~> 3.4)
    pry-nav (0.2.3)
      pry (~> 0.9.10)
    rake (0.9.2.2)
    rspec (3.4.0)
      rspec-core (~> 3.4.0)
      rspec-expectations (~> 3.4.0)
      rspec-mocks (~> 3.4.0)
    rspec-core (3.4.3)
      rspec-support (~> 3.4.0)
    rspec-expectations (3.4.0)
      diff-lcs (>= 1.2.0, < 2.0)
      rspec-support (~> 3.4.0)
    rspec-mocks (3.4.1)
      diff-lcs (>= 1.2.0, < 2.0)
      rspec-support (~> 3.4.0)
    rspec-support (3.4.1)
    slop (3.4.4)
    tzinfo (0.3.46)

PLATFORMS
  ruby

DEPENDENCIES
  activerecord (>= 3.0.20)
  enumerate_it!
  pry
  pry-nav
  rake
  rspec (>= 2.99)

BUNDLED WITH
   1.11.2
